PATH
  remote: .
  specs:
    fs_timestamper (0.1.2)

GEM
  remote: https://rubygems.org/
  specs:
    rake (10.5.0)

PLATFORMS
  ruby

DEPENDENCIES
  bundler (~> 2.0)
  fs_timestamper!
  rake (~> 10.0)

BUNDLED WITH
   2.0.0
